GEM
  remote: https://rubygems.org/
  specs:
    concurrent-ruby (1.0.2)
    hamster (3.0.0)
      concurrent-ruby (~> 1.0)

PLATFORMS
  ruby

DEPENDENCIES
  hamster

BUNDLED WITH
   1.12.5
